GEM
  remote: https://rubygems.org/
  specs:
    sqlite3 (1.6.1-x64-mingw-ucrt)
    sqlite3 (1.6.1-x86_64-darwin)

PLATFORMS
  x64-mingw-ucrt
  x86_64-darwin-22

DEPENDENCIES
  sqlite3

BUNDLED WITH
   2.4.6
